GIT
  remote: git://github.com/aws/aws-sdk-core-ruby
  revision: 9aa9a0bccec6c3d5c98c7f360e75eab3d78ba9b9
  specs:
    aws-sdk-core (2.0.0.rc1)
      builder (~> 3.0)
      multi_json (~> 1.0)
      multi_xml (~> 0.5)

GEM
  remote: https://rubygems.org/
  specs:
    builder (3.2.2)
    multi_json (1.8.2)
    multi_xml (0.5.5)
    rack (1.5.2)
    rack-protection (1.5.1)
      rack
    sinatra (1.4.4)
      rack (~> 1.4)
      rack-protection (~> 1.4)
      tilt (~> 1.3, >= 1.3.4)
    tilt (1.4.1)

PLATFORMS
  ruby

DEPENDENCIES
  aws-sdk-core!
  sinatra
